GEM
  remote: https://rubygems.org/
  specs:
    byebug (11.1.3)
    citrus (3.0.2)
    coderay (1.1.3)
    json (2.6.2)
    method_source (1.0.0)
    minitest (5.16.2)
    pry (0.13.1)
      coderay (~> 1.1)
      method_source (~> 1.0)
    pry-byebug (3.9.0)
      byebug (~> 11.0)
      pry (~> 0.13.0)
    toml-rb (2.2.0)
      citrus (~> 3.0, > 3.0)
    yaml (0.2.0)

PLATFORMS
  ruby

DEPENDENCIES
  json
  minitest
  pry-byebug
  toml-rb
  yaml

BUNDLED WITH
   2.3.7
